GEM
  remote: http://rubygems.org/
  specs:
    highline (1.6.9)
    net-ssh (2.3.0)

PLATFORMS
  ruby

DEPENDENCIES
  highline
  net-ssh (> 2)
